GEM
  remote: http://rubygems.org/
  specs:
    addressable (2.2.8)
    aws-sdk (1.4.1)
      httparty (~> 0.7)
      json (~> 1.4)
      nokogiri (>= 1.4.4)
      uuidtools (~> 2.1)
    daemons (1.1.8)
    eventmachine (0.12.10)
    guillotine (1.1.0)
      addressable (~> 2.2.6)
      sinatra (~> 1.2.6)
    httparty (0.8.3)
      multi_json (~> 1.0)
      multi_xml
    json (1.7.0)
    multi_json (1.3.4)
    multi_xml (0.4.4)
    newrelic_rpm (3.3.4.1)
    nokogiri (1.5.2)
    rack (1.4.1)
    sinatra (1.2.8)
      rack (~> 1.1)
      tilt (>= 1.2.2, < 2.0)
    thin (1.3.1)
      daemons (>= 1.0.9)
      eventmachine (>= 0.12.6)
      rack (>= 1.0.0)
    tilt (1.3.3)
    uuidtools (2.1.2)

PLATFORMS
  ruby

DEPENDENCIES
  aws-sdk
  guillotine
  newrelic_rpm
  thin
