GEM
  remote: http://rubygems.org/
  specs:
    addressable (2.2.8)
    daemons (1.1.8)
    eventmachine (0.12.10)
    guillotine (1.2.1)
      addressable (~> 2.2.6)
      sinatra (~> 1.2.6)
    newrelic_rpm (3.4.0)
    pg (0.14.0)
    rack (1.4.1)
    sequel (3.36.1)
    sinatra (1.2.8)
      rack (~> 1.1)
      tilt (>= 1.2.2, < 2.0)
    thin (1.3.1)
      daemons (>= 1.0.9)
      eventmachine (>= 0.12.6)
      rack (>= 1.0.0)
    tilt (1.3.3)

PLATFORMS
  ruby

DEPENDENCIES
  guillotine
  newrelic_rpm
  pg
  sequel
  thin
